GEM
  remote: https://rubygems.org/
  specs:
    backports (3.23.0)
    daru (0.3)
      packable (~> 1.3.13)
    dotenv (2.7.6)
    httparty (0.20.0)
      mime-types (~> 3.0)
      multi_xml (>= 0.5.2)
    mime-types (3.4.1)
      mime-types-data (~> 3.2015)
    mime-types-data (3.2022.0105)
    multi_xml (0.6.0)
    packable (1.3.15)
      backports
    ruby-openai (1.4.0)
      dotenv (~> 2.7.6)
      httparty (>= 0.18.1, < 0.21.0)
    sqlite3 (1.4.2)

PLATFORMS
  ruby

DEPENDENCIES
  daru
  ruby-openai
  sqlite3

BUNDLED WITH
   2.1.4
