GEM
  remote: https://rubygems.org/
  specs:
    backports (3.23.0)
    daru (0.3)
      packable (~> 1.3.13)
    dotenv (2.8.1)
    httparty (0.20.0)
      mime-types (~> 3.0)
      multi_xml (>= 0.5.2)
    mime-types (3.4.1)
      mime-types-data (~> 3.2015)
    mime-types-data (3.2022.0105)
    multi_xml (0.6.0)
    numo-narray (0.9.2.1)
    packable (1.3.15)
      backports
    ruby-openai (3.0.2)
      httparty (>= 0.18.1, < 0.21.0)

PLATFORMS
  x86_64-darwin-21

DEPENDENCIES
  daru
  dotenv
  numo-narray
  ruby-openai

BUNDLED WITH
   2.2.7
